PATH
  remote: .
  specs:
    twilio_resource (0.2.0)
      reactive_resource (~> 0.7.0)

GEM
  remote: http://rubygems.org/
  specs:
    activemodel (3.1.0)
      activesupport (= 3.1.0)
      builder (~> 3.0.0)
    activeresource (3.1.0)
      activemodel (= 3.1.0)
      activesupport (= 3.1.0)
    activesupport (3.1.0)
      i18n (~> 0.6)
      multi_json (~> 1.0)
    builder (3.0.0)
    i18n (0.6.0)
    multi_json (1.1.0)
    rake (0.9.2.2)
    reactive_resource (0.7.0)
      activeresource (>= 3.1)
      activesupport (>= 3.1)

PLATFORMS
  ruby

DEPENDENCIES
  rake
  twilio_resource!
